GEM
  remote: https://rubygems.org/
  specs:
    bindata (2.0.0)
    binding_of_caller (0.7.2)
      debug_inspector (>= 0.0.1)
    chunky_png (1.3.0)
    haml (4.0.4)
      tilt
    coderay (1.1.0)
    debug_inspector (0.0.2)
    hashie (2.0.5)
    method_source (0.8.2)
    pry (0.9.12.6)
      coderay (~> 1.0)
      method_source (~> 0.8)
      slop (~> 3.4)
    pry-nav (0.2.3)
      pry (~> 0.9.10)
    pry-stack_explorer (0.4.9.1)
      binding_of_caller (>= 0.7)
      pry (>= 0.9.11)
    psd (2.1.2)
      bindata
      chunky_png
      psd-enginedata (~> 1.0)
      rake
    psd-enginedata (1.0.0)
      hashie (~> 2.0)
    rack (1.5.2)
    rack-protection (1.5.1)
      rack
    rake (10.2.1)
    recursive-open-struct (0.4.5)
    shotgun (0.9)
      rack (>= 1.0)
    sinatra (1.4.4)
      rack (~> 1.4)
      rack-protection (~> 1.4)
      tilt (~> 1.3, >= 1.3.4)
    slim (2.0.2)
      temple (~> 0.6.6)
      tilt (>= 1.3.3, < 2.1)
    slop (3.5.0)
    temple (0.6.7)
    tilt (1.4.1)

PLATFORMS
  ruby

DEPENDENCIES
  haml
  pry
  pry-nav
  pry-stack_explorer
  psd
  recursive-open-struct
  shotgun
  sinatra
  slim
