GEM
  remote: http://rubygems.org/
  specs:
    bindata (2.0.0)
    chunky_png (1.3.0)
    hashie (2.0.5)
    psd (2.1.2)
      bindata
      chunky_png
      psd-enginedata (~> 1.0)
      rake
    psd-enginedata (1.0.0)
      hashie (~> 2.0)
    rack (1.5.2)
    rack-protection (1.5.1)
      rack
    rake (10.2.1)
    shotgun (0.9)
      rack (>= 1.0)
    sinatra (1.4.4)
      rack (~> 1.4)
      rack-protection (~> 1.4)
      tilt (~> 1.3, >= 1.3.4)
    slim (2.0.2)
      temple (~> 0.6.6)
      tilt (>= 1.3.3, < 2.1)
    temple (0.6.7)
    tilt (1.4.1)

PLATFORMS
  ruby

DEPENDENCIES
  psd
  shotgun
  sinatra
  slim
